PATH
  remote: .
  specs:
    childprocess-server (0.1.0)
      childprocess (~> 0.3.9)

GEM
  remote: http://rubygems.org/
  specs:
    childprocess (0.3.9)
      ffi (~> 1.0, >= 1.0.11)
    diff-lcs (1.2.1)
    ffi (1.6.0)
    ffi (1.6.0-java)
    rake (10.0.3)
    rspec (2.13.0)
      rspec-core (~> 2.13.0)
      rspec-expectations (~> 2.13.0)
      rspec-mocks (~> 2.13.0)
    rspec-core (2.13.1)
    rspec-expectations (2.13.0)
      diff-lcs (>= 1.1.3, < 2.0)
    rspec-mocks (2.13.0)
    yard (0.8.5.2)

PLATFORMS
  java
  ruby

DEPENDENCIES
  childprocess-server!
  rake (~> 10.0)
  rspec (~> 2.13)
  yard (~> 0.8)
